PATH
  remote: .
  specs:
    sudoku (0.0.1)

GEM
  remote: http://rubygems.org/
  specs:
    codeclimate-test-reporter (0.4.4)
      simplecov (>= 0.7.1, < 1.0.0)
    docile (1.1.5)
    multi_json (1.10.1)
    rake (10.4.2)
    simplecov (0.9.1)
      docile (~> 1.1.0)
      multi_json (~> 1.0)
      simplecov-html (~> 0.8.0)
    simplecov-html (0.8.0)

PLATFORMS
  ruby

DEPENDENCIES
  bundler (~> 1.6)
  codeclimate-test-reporter
  rake (~> 10.0)
  sudoku!
